PATH
  remote: .
  specs:
    wordpressto (0.2.7)
      mime-types

GEM
  remote: http://rubygems.org/
  specs:
    diff-lcs (1.2.1)
    mime-types (2.0)
    rake (10.0.3)
    rspec (2.13.0)
      rspec-core (~> 2.13.0)
      rspec-expectations (~> 2.13.0)
      rspec-mocks (~> 2.13.0)
    rspec-core (2.13.0)
    rspec-expectations (2.13.0)
      diff-lcs (>= 1.1.3, < 2.0)
    rspec-mocks (2.13.0)

PLATFORMS
  ruby

DEPENDENCIES
  bundler
  rake
  rspec (~> 2.13.0)
  wordpressto!
